GEM
  remote: https://rubygems.org/
  specs:
    ffi (1.9.18)
    listen (3.1.5)
      rb-fsevent (~> 0.9, >= 0.9.4)
      rb-inotify (~> 0.9, >= 0.9.7)
      ruby_dep (~> 1.2)
    mini_portile2 (2.1.0)
    nokogiri (1.7.2)
      mini_portile2 (~> 2.1.0)
    rb-fsevent (0.9.8)
    rb-inotify (0.9.8)
      ffi (>= 0.5.0)
    ruby_dep (1.5.0)
    term-ansicolor (1.6.0)
      tins (~> 1.0)
    tins (1.13.3)

PLATFORMS
  ruby

DEPENDENCIES
  listen
  nokogiri
  term-ansicolor

BUNDLED WITH
   1.14.6
