GEM
  remote: https://rubygems.org/
  specs:
    ffi (1.9.18)
    listen (3.0.8)
      rb-fsevent (~> 0.9, >= 0.9.4)
      rb-inotify (~> 0.9, >= 0.9.7)
    rb-fsevent (0.10.2)
    rb-inotify (0.9.10)
      ffi (>= 0.5.0, < 2)

PLATFORMS
  ruby

DEPENDENCIES
  listen

BUNDLED WITH
   1.14.6
